PATH
  remote: .
  specs:
    dexPro (0.1.0)

GEM
  remote: https://rubygems.org/
  specs:
    addressable (2.8.0)
      public_suffix (>= 2.0.2, < 5.0)
    crack (0.4.5)
      rexml
    hashdiff (1.0.1)
    minitest (5.15.0)
    public_suffix (4.0.6)
    rake (13.0.6)
    rexml (3.2.5)
    vcr (6.0.0)
    webmock (3.14.0)
      addressable (>= 2.8.0)
      crack (>= 0.3.2)
      hashdiff (>= 0.4.0, < 2.0.0)

PLATFORMS
  x86_64-linux

DEPENDENCIES
  dexPro!
  minitest (~> 5.0)
  rake (~> 13.0)
  vcr
  webmock

BUNDLED WITH
   2.2.29
